PATH
  remote: .
  specs:
    testcentricity_web (3.0.10)
      appium_lib
      browserstack-local
      capybara (>= 3.1, < 4)
      childprocess (~> 0.5)
      chronic (= 0.10.2)
      faker
      i18n
      os (~> 1.0)
      selenium-webdriver (>= 3.11.0, < 4.0)
      spreadsheet (= 1.1.7)
      test-unit
      webdrivers (~> 3.3)

GEM
  remote: https://rubygems.org/
  specs:
    addressable (2.5.2)
      public_suffix (>= 2.0.2, < 4.0)
    appium_lib (9.14.2)
      appium_lib_core (~> 1.7.2)
      nokogiri (~> 1.8, >= 1.8.1)
      tomlrb (~> 1.1)
    appium_lib_core (1.7.2)
      faye-websocket (~> 0.10.0)
      selenium-webdriver (~> 3.5)
    browserstack-local (1.3.0)
    capybara (3.3.0)
      addressable
      mini_mime (>= 0.1.3)
      nokogiri (~> 1.8)
      rack (>= 1.6.0)
      rack-test (>= 0.6.3)
      xpath (~> 3.1)
    childprocess (0.9.0)
      ffi (~> 1.0, >= 1.0.11)
    chronic (0.10.2)
    concurrent-ruby (1.0.5)
    eventmachine (1.2.7)
    faker (1.9.1)
      i18n (>= 0.7)
    faye-websocket (0.10.7)
      eventmachine (>= 0.12.0)
      websocket-driver (>= 0.5.1)
    ffi (1.9.25)
    i18n (1.0.1)
      concurrent-ruby (~> 1.0)
    mini_mime (1.0.0)
    mini_portile2 (2.3.0)
    nokogiri (1.8.3)
      mini_portile2 (~> 2.3.0)
    os (1.0.0)
    power_assert (1.1.3)
    public_suffix (3.0.2)
    rack (2.0.5)
    rack-test (1.0.0)
      rack (>= 1.0, < 3)
    rake (11.1.2)
    redcarpet (3.3.4)
    ruby-ole (1.2.12.1)
    rubyzip (1.2.1)
    selenium-webdriver (3.12.0)
      childprocess (~> 0.5)
      rubyzip (~> 1.2)
    spreadsheet (1.1.7)
      ruby-ole (>= 1.0)
    test-unit (3.2.8)
      power_assert
    tomlrb (1.2.7)
    webdrivers (3.3.2)
      nokogiri (~> 1.6)
      rubyzip (~> 1.0)
      selenium-webdriver (~> 3.0)
    websocket-driver (0.7.0)
      websocket-extensions (>= 0.1.0)
    websocket-extensions (0.1.3)
    xpath (3.1.0)
      nokogiri (~> 1.8)

PLATFORMS
  ruby

DEPENDENCIES
  bundler (~> 1.5)
  rake
  redcarpet
  testcentricity_web!

BUNDLED WITH
   1.16.2
