PATH
  remote: .
  specs:
    testcentricity_web (3.2.15)
      appium_lib
      browserstack-local
      capybara (>= 3.1, < 4)
      childprocess (~> 0.5)
      chronic (= 0.10.2)
      faker
      i18n
      os (~> 1.0)
      selenium-webdriver
      spreadsheet (= 1.1.7)
      test-unit
      virtus
      webdrivers (~> 4.0)

GEM
  remote: https://rubygems.org/
  specs:
    addressable (2.7.0)
      public_suffix (>= 2.0.2, < 5.0)
    appium_lib (10.6.0)
      appium_lib_core (~> 3.3)
      nokogiri (~> 1.8, >= 1.8.1)
      tomlrb (~> 1.1)
    appium_lib_core (3.6.1)
      faye-websocket (~> 0.10.0)
      selenium-webdriver (~> 3.14, >= 3.14.1)
    axiom-types (0.1.1)
      descendants_tracker (~> 0.0.4)
      ice_nine (~> 0.11.0)
      thread_safe (~> 0.3, >= 0.3.1)
    browserstack-local (1.3.0)
    capybara (3.32.1)
      addressable
      mini_mime (>= 0.1.3)
      nokogiri (~> 1.8)
      rack (>= 1.6.0)
      rack-test (>= 0.6.3)
      regexp_parser (~> 1.5)
      xpath (~> 3.2)
    childprocess (0.9.0)
      ffi (~> 1.0, >= 1.0.11)
    chronic (0.10.2)
    coercible (1.0.0)
      descendants_tracker (~> 0.0.1)
    concurrent-ruby (1.1.6)
    descendants_tracker (0.0.4)
      thread_safe (~> 0.3, >= 0.3.1)
    equalizer (0.0.11)
    eventmachine (1.2.7)
    faker (2.11.0)
      i18n (>= 1.6, < 2)
    faye-websocket (0.10.9)
      eventmachine (>= 0.12.0)
      websocket-driver (>= 0.5.1)
    ffi (1.12.2)
    i18n (1.8.2)
      concurrent-ruby (~> 1.0)
    ice_nine (0.11.2)
    mini_mime (1.0.2)
    mini_portile2 (2.4.0)
    nokogiri (1.10.9)
      mini_portile2 (~> 2.4.0)
    os (1.1.0)
    power_assert (1.1.7)
    public_suffix (4.0.4)
    rack (2.2.2)
    rack-test (1.1.0)
      rack (>= 1.0, < 3)
    rake (13.0.1)
    redcarpet (3.5.0)
    regexp_parser (1.7.0)
    ruby-ole (1.2.12.2)
    rubyzip (2.3.0)
    selenium-webdriver (3.142.7)
      childprocess (>= 0.5, < 4.0)
      rubyzip (>= 1.2.2)
    spreadsheet (1.1.7)
      ruby-ole (>= 1.0)
    test-unit (3.3.5)
      power_assert
    thread_safe (0.3.6)
    tomlrb (1.3.0)
    virtus (1.0.5)
      axiom-types (~> 0.1)
      coercible (~> 1.0)
      descendants_tracker (~> 0.0, >= 0.0.3)
      equalizer (~> 0.0, >= 0.0.9)
    webdrivers (4.3.0)
      nokogiri (~> 1.6)
      rubyzip (>= 1.3.0)
      selenium-webdriver (>= 3.0, < 4.0)
    websocket-driver (0.7.1)
      websocket-extensions (>= 0.1.0)
    websocket-extensions (0.1.4)
    xpath (3.2.0)
      nokogiri (~> 1.8)

PLATFORMS
  ruby

DEPENDENCIES
  bundler
  rake
  redcarpet
  testcentricity_web!

BUNDLED WITH
   2.1.4
