PATH
  remote: .
  specs:
    testcentricity_web (0.0.3)
      capybara (~> 2.5)
      chronic (~> 0.10.2)
      faker (~> 1.6.1)
      rspec (~> 3.4.0)
      rspec-expectations
      spreadsheet (~> 1.1.1)
      test-unit (~> 3.1.7)

GEM
  remote: https://rubygems.org/
  specs:
    addressable (2.4.0)
    capybara (2.6.2)
      addressable
      mime-types (>= 1.16)
      nokogiri (>= 1.3.3)
      rack (>= 1.0.0)
      rack-test (>= 0.5.4)
      xpath (~> 2.0)
    chronic (0.10.2)
    diff-lcs (1.2.5)
    faker (1.6.1)
      i18n (~> 0.5)
    i18n (0.7.0)
    mime-types (3.0)
      mime-types-data (~> 3.2015)
    mime-types-data (3.2015.1120)
    mini_portile2 (2.0.0)
    nokogiri (1.6.7.2)
      mini_portile2 (~> 2.0.0.rc2)
    power_assert (0.2.7)
    rack (1.6.4)
    rack-test (0.6.3)
      rack (>= 1.0)
    rake (10.4.2)
    rspec (3.4.0)
      rspec-core (~> 3.4.0)
      rspec-expectations (~> 3.4.0)
      rspec-mocks (~> 3.4.0)
    rspec-core (3.4.2)
      rspec-support (~> 3.4.0)
    rspec-expectations (3.4.0)
      diff-lcs (>= 1.2.0, < 2.0)
      rspec-support (~> 3.4.0)
    rspec-mocks (3.4.1)
      diff-lcs (>= 1.2.0, < 2.0)
      rspec-support (~> 3.4.0)
    rspec-support (3.4.1)
    ruby-ole (1.2.12)
    spreadsheet (1.1.1)
      ruby-ole (>= 1.0)
    test-unit (3.1.7)
      power_assert
    xpath (2.0.0)
      nokogiri (~> 1.3)

PLATFORMS
  ruby

DEPENDENCIES
  bundler (~> 1.5)
  rake
  testcentricity_web!

BUNDLED WITH
   1.11.2
